PATH
  remote: .
  specs:
    battery (1.0.0)

GEM
  remote: http://rubygems.org/
  specs:
    activesupport (3.2.2)
      i18n (~> 0.6)
      multi_json (~> 1.0)
    awesome_print (1.0.2)
    coderay (1.0.5)
    i18n (0.6.0)
    metaclass (0.0.1)
    method_source (0.7.1)
    minitest (2.8.1)
    mocha (0.10.5)
      metaclass (~> 0.0.1)
    multi_json (1.1.0)
    pry (0.9.8.4)
      coderay (~> 1.0.5)
      method_source (~> 0.7.1)
      slop (>= 2.4.4, < 3)
    rake (0.9.2.2)
    simplecov (0.6.1)
      multi_json (~> 1.0)
      simplecov-html (~> 0.5.3)
    simplecov-html (0.5.3)
    slop (2.4.4)

PLATFORMS
  ruby

DEPENDENCIES
  activesupport (~> 3.2.0)
  awesome_print
  battery!
  minitest (= 2.8.1)
  mocha
  pry
  rake
  simplecov
